GEM
  remote: http://rubygems.org/
  specs:
    git (1.2.5)
    jeweler (1.6.4)
      bundler (~> 1.0)
      git (>= 1.2.5)
      rake
    json (1.6.1)
    rake (0.8.7)
    rcov (0.9.11)
    riot (0.12.5)
      rr
    rr (1.0.4)
    yard (0.6.8)

PLATFORMS
  ruby

DEPENDENCIES
  bundler (~> 1.0.0)
  jeweler (~> 1.6.4)
  json (~> 1.6.1)
  rake (= 0.8.7)
  rcov
  riot
  yard (~> 0.6.0)
